GEM
  remote: http://gemcutter.org/
  specs:
    actionmailer (2.3.11)
      actionpack (= 2.3.11)
    actionpack (2.3.11)
      activesupport (= 2.3.11)
      rack (~> 1.1.0)
    activerecord (2.3.11)
      activesupport (= 2.3.11)
    activeresource (2.3.11)
      activesupport (= 2.3.11)
    activesupport (2.3.11)
    formtastic (0.9.7)
      actionpack (>= 2.3.0)
      activesupport (>= 2.3.0)
    rack (1.1.3)
    rails (2.3.11)
      actionmailer (= 2.3.11)
      actionpack (= 2.3.11)
      activerecord (= 2.3.11)
      activeresource (= 2.3.11)
      activesupport (= 2.3.11)
      rake (>= 0.8.3)
    rake (0.9.2.2)
    simple_form (1.0.2)

PLATFORMS
  ruby

DEPENDENCIES
  formtastic (= 0.9.7)
  rails (= 2.3.11)
  simple_form (= 1.0.2)
