GEM
  remote: http://gemcutter.org/
  specs:
    actionmailer (2.3.11)
      actionpack (= 2.3.11)
    actionpack (2.3.11)
      activesupport (= 2.3.11)
      rack (~> 1.1.0)
    activerecord (2.3.11)
      activesupport (= 2.3.11)
    activeresource (2.3.11)
      activesupport (= 2.3.11)
    activesupport (2.3.11)
    formtastic (0.9.7)
      actionpack (>= 2.3.0)
      activesupport (>= 2.3.0)
    has_scope (0.4)
    inherited_resources (1.0.0)
      has_scope (>= 0.3)
      responders (>= 0.2)
    rack (1.1.3)
    rails (2.3.11)
      actionmailer (= 2.3.11)
      actionpack (= 2.3.11)
      activerecord (= 2.3.11)
      activeresource (= 2.3.11)
      activesupport (= 2.3.11)
      rake (>= 0.8.3)
    rake (0.9.2.2)
    responders (0.4.1)
    simple_form (0.4.0)
    sqlite3 (1.3.7)
    will_paginate (2.3.11)

PLATFORMS
  ruby

DEPENDENCIES
  formtastic (= 0.9.7)
  has_scope (= 0.4)
  inherited_resources (= 1.0.0)
  rails (= 2.3.11)
  responders (= 0.4.1)
  simple_form (= 0.4)
  sqlite3
  will_paginate (= 2.3.11)
